PATH
  remote: .
  specs:
    epg (1.0.6)
      everyday-cli-utils (~> 1.8, >= 1.8.6)
      everyday-plugins (~> 1.2)
      everyday_thor_util (~> 2.0, >= 2.0.5)
      thor (~> 0.19)

GEM
  remote: https://rubygems.org/
  specs:
    everyday-cli-utils (1.8.7.1)
    everyday-plugins (1.2.1)
      everyday-cli-utils (~> 1.8, >= 1.8.6)
    everyday_thor_util (2.0.5)
      everyday-plugins (~> 1.2)
      thor (~> 0.19)
    rake (10.5.0)
    thor (0.19.1)

PLATFORMS
  ruby

DEPENDENCIES
  bundler (~> 1.10, >= 1.10.4)
  epg!
  rake (~> 10.4)

BUNDLED WITH
   1.12.3
